PATH
  remote: .
  specs:
    ZackAttack (0.1.0)

GEM
  remote: http://rubygems.org/
  specs:
    diff-lcs (1.1.3)
    kramdown (0.13.7)
    rake (0.9.2.2)
    rspec (2.11.0)
      rspec-core (~> 2.11.0)
      rspec-expectations (~> 2.11.0)
      rspec-mocks (~> 2.11.0)
    rspec-core (2.11.1)
    rspec-expectations (2.11.2)
      diff-lcs (~> 1.1.3)
    rspec-mocks (2.11.1)
    rubygems-tasks (0.2.3)
    sqlite3 (1.3.6)
    yard (0.8.2.1)

PLATFORMS
  ruby

DEPENDENCIES
  ZackAttack!
  bundler (~> 1.0)
  kramdown
  rake (~> 0.8)
  rspec (~> 2.4)
  rubygems-tasks (~> 0.2)
  sqlite3
  yard (~> 0.8)
